GIT
  remote: git://github.com/documentcloud/jammit.git
  revision: 8f934928d6228147e86db483c59d2d2a23f3732f
  specs:
    jammit (0.5.1)
      closure-compiler (>= 0.1.0)
      yui-compressor (>= 0.9.1)

GEM
  remote: http://rubygems.org/
  specs:
    aasm (2.1.7)
    actionmailer (2.3.8)
      actionpack (= 2.3.8)
    actionpack (2.3.8)
      activesupport (= 2.3.8)
      rack (~> 1.1.0)
    activerecord (2.3.8)
      activesupport (= 2.3.8)
    activeresource (2.3.8)
      activesupport (= 2.3.8)
    activesupport (2.3.8)
    closure-compiler (0.3.2)
    ezcrypto (0.7.2)
    factory_girl (1.3.2)
    hominid (2.1.9)
    json (1.4.6)
    oauth (0.4.3)
    pg (0.9.0)
    rack (1.1.0)
    rails (2.3.8)
      actionmailer (= 2.3.8)
      actionpack (= 2.3.8)
      activerecord (= 2.3.8)
      activeresource (= 2.3.8)
      activesupport (= 2.3.8)
      rake (>= 0.8.3)
    rake (0.8.7)
    rspec (1.3.0)
    rspec-rails (1.3.2)
      rack (>= 1.0.0)
      rspec (>= 1.3.0)
    shoulda (2.11.3)
    twitter-auth (0.1.22)
      ezcrypto (>= 0.7.2)
      oauth (>= 0.3.1)
    will_paginate (2.3.15)
    yui-compressor (0.9.1)

PLATFORMS
  ruby

DEPENDENCIES
  aasm (~> 2.1.5)
  factory_girl (~> 1.3.2)
  hominid (~> 2.1.7)
  jammit!
  json
  pg (~> 0.9)
  rails (= 2.3.8)
  rspec (~> 1.3.0)
  rspec-rails (~> 1.3.2)
  shoulda (~> 2.11.3)
  twitter-auth (~> 0.1.22)
  will_paginate (~> 2.3.15)
